GEM
  remote: https://rubygems.org/
  specs:
    bcrypt_pbkdf (1.1.0)
    ed25519 (1.2.4)
    net-ssh (6.1.0)

PLATFORMS
  ruby

DEPENDENCIES
  bcrypt_pbkdf (>= 1.0, < 2.0)
  ed25519 (>= 1.2, < 2.0)
  net-ssh (~> 6.1.0)

BUNDLED WITH
   2.1.4
